GEM
  remote: https://rubygems.org/
  remote: https://rails-assets.org/
  specs:
    abstract_type (0.0.7)
    actionmailer (4.2.3)
      actionpack (= 4.2.3)
      actionview (= 4.2.3)
      activejob (= 4.2.3)
      mail (~> 2.5, >= 2.5.4)
      rails-dom-testing (~> 1.0, >= 1.0.5)
    actionpack (4.2.3)
      actionview (= 4.2.3)
      activesupport (= 4.2.3)
      rack (~> 1.6)
      rack-test (~> 0.6.2)
      rails-dom-testing (~> 1.0, >= 1.0.5)
      rails-html-sanitizer (~> 1.0, >= 1.0.2)
    actionview (4.2.3)
      activesupport (= 4.2.3)
      builder (~> 3.1)
      erubis (~> 2.7.0)
      rails-dom-testing (~> 1.0, >= 1.0.5)
      rails-html-sanitizer (~> 1.0, >= 1.0.2)
    activejob (4.2.3)
      activesupport (= 4.2.3)
      globalid (>= 0.3.0)
    activemodel (4.2.3)
      activesupport (= 4.2.3)
      builder (~> 3.1)
    activerecord (4.2.3)
      activemodel (= 4.2.3)
      activesupport (= 4.2.3)
      arel (~> 6.0)
    activesupport (4.2.3)
      i18n (~> 0.7)
      json (~> 1.7, >= 1.7.7)
      minitest (~> 5.1)
      thread_safe (~> 0.3, >= 0.3.4)
      tzinfo (~> 1.1)
    activesupport-json_encoder (1.1.0)
      activesupport (>= 4.1.0, < 5.0)
    adamantium (0.2.0)
      ice_nine (~> 0.11.0)
      memoizable (~> 0.4.0)
    addressable (2.3.8)
    arel (6.0.3)
    ast (2.1.0)
    astrolabe (1.3.1)
      parser (~> 2.2)
    axiom-types (0.1.1)
      descendants_tracker (~> 0.0.4)
      ice_nine (~> 0.11.0)
      thread_safe (~> 0.3, >= 0.3.1)
    better_errors (2.1.1)
      coderay (>= 1.0.0)
      erubis (>= 2.6.6)
      rack (>= 0.9.0)
    brakeman (3.0.5)
      erubis (~> 2.6)
      fastercsv (~> 1.5)
      haml (>= 3.0, < 5.0)
      highline (~> 1.6.20)
      multi_json (~> 1.2)
      ruby2ruby (~> 2.1.1)
      ruby_parser (~> 3.7.0)
      sass (~> 3.0)
      terminal-table (~> 1.4)
    builder (3.2.2)
    bullet (4.14.7)
      activesupport (>= 3.0.0)
      uniform_notifier (~> 1.9.0)
    byebug (5.0.0)
      columnize (= 0.9.0)
    capybara (2.4.4)
      mime-types (>= 1.16)
      nokogiri (>= 1.3.3)
      rack (>= 1.0.0)
      rack-test (>= 0.5.4)
      xpath (~> 2.0)
    capybara-screenshot (1.0.11)
      capybara (>= 1.0, < 3)
      launchy
    childprocess (0.5.6)
      ffi (~> 1.0, >= 1.0.11)
    cliver (0.3.2)
    code_analyzer (0.4.5)
      sexp_processor
    coderay (1.1.0)
    coercible (1.0.0)
      descendants_tracker (~> 0.0.1)
    colored (1.2)
    columnize (0.9.0)
    concord (0.1.5)
      adamantium (~> 0.2.0)
      equalizer (~> 0.0.9)
    consistency_fail (0.3.3)
    crack (0.4.2)
      safe_yaml (~> 1.0.0)
    css_parser (1.2.6)
      addressable
      rdoc
    cucumber (1.3.20)
      builder (>= 2.1.2)
      diff-lcs (>= 1.1.3)
      gherkin (~> 2.12)
      multi_json (>= 1.7.5, < 2.0)
      multi_test (>= 0.1.2)
    cucumber-rails (1.4.2)
      capybara (>= 1.1.2, < 3)
      cucumber (>= 1.3.8, < 2)
      mime-types (>= 1.16, < 3)
      nokogiri (~> 1.5)
      rails (>= 3, < 5)
    cucumber_characteristics (0.0.4)
      haml
    deadweight (0.2.2)
      css_parser (~> 1.2.6)
      nokogiri
    descendants_tracker (0.0.4)
      thread_safe (~> 0.3, >= 0.3.1)
    dice_bag (0.9.0)
      rake
    diff-lcs (1.2.5)
    docile (1.1.5)
    equalizer (0.0.11)
    erubis (2.7.0)
    execjs (2.6.0)
    factory_girl (4.5.0)
      activesupport (>= 3.0.0)
    factory_girl_rails (4.5.0)
      factory_girl (~> 4.5.0)
      railties (>= 3.0.0)
    fastercsv (1.5.5)
    ffi (1.9.10)
    flay (2.4.0)
      ruby_parser (~> 3.0)
      sexp_processor (~> 4.0)
    flog (4.2.1)
      ruby_parser (~> 3.1, > 3.1.0)
      sexp_processor (~> 4.4)
    gherkin (2.12.2)
      multi_json (~> 1.3)
    globalid (0.3.6)
      activesupport (>= 4.1.0)
    haml (4.0.7)
      tilt
    haml-rails (0.9.0)
      actionpack (>= 4.0.1)
      activesupport (>= 4.0.1)
      haml (>= 4.0.6, < 5.0)
      html2haml (>= 1.0.1)
      railties (>= 4.0.1)
    highline (1.6.21)
    hoe (3.13.1)
      rake (>= 0.8, < 11.0)
    html2haml (2.0.0)
      erubis (~> 2.7.0)
      haml (~> 4.0.0)
      nokogiri (~> 1.6.0)
      ruby_parser (~> 3.5)
    i18n (0.7.0)
    ice_nine (0.11.1)
    jasmine (2.3.0)
      jasmine-core (~> 2.3)
      phantomjs
      rack (>= 1.2.1)
      rake
    jasmine-core (2.3.4)
    json (1.8.3)
    launchy (2.4.3)
      addressable (~> 2.3)
    loofah (2.0.2)
      nokogiri (>= 1.5.9)
    mail (2.6.3)
      mime-types (>= 1.16, < 3)
    memoizable (0.4.2)
      thread_safe (~> 0.3, >= 0.3.1)
    method_source (0.8.2)
    mime-types (2.6.1)
    mini_portile (0.6.2)
    minitest (5.8.0)
    mixlib-shellout (2.1.0)
    multi_json (1.11.2)
    multi_test (0.1.2)
    nokogiri (1.6.6.2)
      mini_portile (~> 0.6.0)
    parallel (1.6.1)
    parallel_tests (1.6.1)
      parallel
    parser (2.2.2.6)
      ast (>= 1.1, < 3.0)
    passenger (5.0.15)
      rack
      rake (>= 0.8.1)
    phantomjs (1.9.8.0)
    poltergeist (1.6.0)
      capybara (~> 2.1)
      cliver (~> 0.3.1)
      multi_json (~> 1.0)
      websocket-driver (>= 0.2.0)
    powerpack (0.1.1)
    procto (0.0.2)
    pry (0.10.1)
      coderay (~> 1.1.0)
      method_source (~> 0.8.1)
      slop (~> 3.4)
    pry-nav (0.2.4)
      pry (>= 0.9.10, < 0.11.0)
    rack (1.6.4)
    rack-mini-profiler (0.9.7)
      rack (>= 1.1.3)
    rack-test (0.6.3)
      rack (>= 1.0)
    rails (4.2.3)
      actionmailer (= 4.2.3)
      actionpack (= 4.2.3)
      actionview (= 4.2.3)
      activejob (= 4.2.3)
      activemodel (= 4.2.3)
      activerecord (= 4.2.3)
      activesupport (= 4.2.3)
      bundler (>= 1.3.0, < 2.0)
      railties (= 4.2.3)
      sprockets-rails
    rails-assets-angular (1.4.4)
    rails-assets-angular-animate (1.4.4)
      rails-assets-angular (= 1.4.4)
    rails-assets-angular-animate-css (0.0.4)
      rails-assets-angular (>= 1.2.0)
      rails-assets-angular-animate (>= 1.2.0)
    rails-assets-angular-bootstrap (0.13.3)
      rails-assets-angular (>= 1.3.0)
    rails-assets-angular-mocks (1.4.4)
      rails-assets-angular (= 1.4.4)
    rails-assets-angular-resource (1.4.4)
      rails-assets-angular (= 1.4.4)
    rails-assets-angular-sanitize (1.4.4)
      rails-assets-angular (= 1.4.4)
    rails-assets-angular-ui-bootstrap (0.13.3)
    rails-assets-angular-ui-bootstrap-bower (0.13.3)
      rails-assets-angular (>= 1.3.0)
    rails-assets-angular-ui-router (0.2.9)
      rails-assets-angular (>= 1.0.8)
    rails-assets-bootstrap (3.3.5)
      rails-assets-jquery (>= 1.9.1)
    rails-assets-es5-shim (4.1.10)
    rails-assets-jquery (2.1.4)
    rails-assets-jquery-ui (1.11.4)
      rails-assets-jquery (>= 1.6)
    rails-assets-momentjs (2.10.6)
    rails-deprecated_sanitizer (1.0.3)
      activesupport (>= 4.2.0.alpha)
    rails-dom-testing (1.0.7)
      activesupport (>= 4.2.0.beta, < 5.0)
      nokogiri (~> 1.6.0)
      rails-deprecated_sanitizer (>= 1.0.1)
    rails-html-sanitizer (1.0.2)
      loofah (~> 2.0)
    rails_best_practices (1.15.7)
      activesupport
      code_analyzer (>= 0.4.3)
      colored
      erubis
      i18n
      json
      require_all
      ruby-progressbar
    railties (4.2.3)
      actionpack (= 4.2.3)
      activesupport (= 4.2.3)
      rake (>= 0.8.7)
      thor (>= 0.18.1, < 2.0)
    rainbow (2.0.0)
    rake (10.4.2)
    rdoc (4.2.0)
    reek (1.6.5)
      parser (~> 2.2.0.pre.7)
      rainbow (>= 1.99, < 3.0)
      unparser (~> 0.2.2)
    require_all (1.3.2)
    rspec-core (3.3.2)
      rspec-support (~> 3.3.0)
    rspec-expectations (3.3.1)
      diff-lcs (>= 1.2.0, < 2.0)
      rspec-support (~> 3.3.0)
    rspec-mocks (3.3.2)
      diff-lcs (>= 1.2.0, < 2.0)
      rspec-support (~> 3.3.0)
    rspec-rails (3.3.3)
      actionpack (>= 3.0, < 4.3)
      activesupport (>= 3.0, < 4.3)
      railties (>= 3.0, < 4.3)
      rspec-core (~> 3.3.0)
      rspec-expectations (~> 3.3.0)
      rspec-mocks (~> 3.3.0)
      rspec-support (~> 3.3.0)
    rspec-support (3.3.0)
    rubocop (0.33.0)
      astrolabe (~> 1.3)
      parser (>= 2.2.2.5, < 3.0)
      powerpack (~> 0.1)
      rainbow (>= 1.99.1, < 3.0)
      ruby-progressbar (~> 1.4)
    ruby-progressbar (1.7.5)
    ruby2ruby (2.1.4)
      ruby_parser (~> 3.1)
      sexp_processor (~> 4.0)
    ruby_parser (3.7.1)
      sexp_processor (~> 4.1)
    rubycritic (1.4.0)
      flay (= 2.4.0)
      flog (= 4.2.1)
      parser (>= 2.2.0, < 3.0)
      reek (= 1.6.5)
      virtus (~> 1.0)
    rubyzip (1.1.7)
    s4t-utils (1.0.4)
      hoe (>= 1.3.0)
    safe_yaml (1.0.4)
    sass (3.4.16)
    selenium-webdriver (2.47.1)
      childprocess (~> 0.5)
      multi_json (~> 1.0)
      rubyzip (~> 1.0)
      websocket (~> 1.0)
    sexp_processor (4.6.0)
    shoulda-matchers (2.8.0)
      activesupport (>= 3.0.0)
    simplecov (0.10.0)
      docile (~> 1.1.0)
      json (~> 1.8)
      simplecov-html (~> 0.10.0)
    simplecov-html (0.10.0)
    simplecov-rcov (0.2.3)
      simplecov (>= 0.4.1)
    slop (3.6.0)
    sprockets (3.3.1)
      rack (~> 1.0)
    sprockets-rails (2.3.2)
      actionpack (>= 3.0)
      activesupport (>= 3.0)
      sprockets (>= 2.8, < 4.0)
    teaspoon (1.0.2)
      railties (>= 3.2.5, < 5)
    teaspoon-jasmine (2.2.0)
      teaspoon (>= 1.0.0)
    terminal-table (1.5.2)
    thor (0.19.1)
    thread_safe (0.3.5)
    tilt (2.0.1)
    traceroute (0.5.0)
      rails (>= 3.0.0)
    tzinfo (1.2.2)
      thread_safe (~> 0.1)
    uglifier (2.7.1)
      execjs (>= 0.3.0)
      json (>= 1.8.0)
    uniform_notifier (1.9.0)
    unparser (0.2.4)
      abstract_type (~> 0.0.7)
      adamantium (~> 0.2.0)
      concord (~> 0.1.5)
      diff-lcs (~> 1.2.5)
      equalizer (~> 0.0.9)
      parser (~> 2.2.2)
      procto (~> 0.0.2)
    user-choices (1.1.6.1)
      builder (>= 2.1.2)
      s4t-utils (>= 1.0.3)
      xml-simple (>= 1.0.11)
    virtus (1.0.5)
      axiom-types (~> 0.1)
      coercible (~> 1.0)
      descendants_tracker (~> 0.0, >= 0.0.3)
      equalizer (~> 0.0, >= 0.0.9)
    webmock (1.21.0)
      addressable (>= 2.3.6)
      crack (>= 0.3.2)
    websocket (1.2.2)
    websocket-driver (0.6.2)
      websocket-extensions (>= 0.1.0)
    websocket-extensions (0.1.2)
    with_retries (0.0.3)
    xml-simple (1.1.5)
    xpath (2.0.0)
      nokogiri (~> 1.3)
    yard (0.8.7.6)

PLATFORMS
  ruby

DEPENDENCIES
  activesupport-json_encoder (~> 1.1)
  better_errors (~> 2.1)
  brakeman (~> 3.0)
  bullet (~> 4.14)
  byebug (~> 5.0)
  capybara (~> 2.4)
  capybara-screenshot (~> 1.0)
  consistency_fail (~> 0.3)
  cucumber-rails (~> 1.4)
  cucumber_characteristics (~> 0.0)
  deadweight (~> 0.2.2)
  dice_bag (~> 0.9)
  factory_girl (~> 4.0)
  factory_girl_rails (~> 4.0)
  haml-rails (~> 0.9)
  jasmine (= 2.3)
  json (~> 1.8.3)
  launchy (~> 2.4)
  mixlib-shellout (~> 2.1)
  nokogiri (~> 1.6.6)
  parallel_tests (~> 1.5)
  passenger (~> 5.0)
  poltergeist (~> 1.6)
  pry (~> 0.10)
  pry-nav (~> 0.2)
  rack-mini-profiler (~> 0.9)
  rails (= 4.2.3)
  rails-assets-angular (= 1.4.4)!
  rails-assets-angular-animate (= 1.4.4)!
  rails-assets-angular-animate-css (= 0.0.4)!
  rails-assets-angular-bootstrap (= 0.13.3)!
  rails-assets-angular-mocks (= 1.4.4)!
  rails-assets-angular-resource (= 1.4.4)!
  rails-assets-angular-sanitize (= 1.4.4)!
  rails-assets-angular-ui-bootstrap (= 0.13.3)!
  rails-assets-angular-ui-bootstrap-bower (= 0.13.3)!
  rails-assets-angular-ui-router (= 0.2.9)!
  rails-assets-bootstrap (= 3.3.5)!
  rails-assets-es5-shim (= 4.1.10)!
  rails-assets-jquery-ui (= 1.11.4)!
  rails-assets-momentjs (= 2.10.6)!
  rails_best_practices (~> 1.15)
  rdoc (~> 4.2)
  rspec-rails (~> 3.3)
  rubocop (~> 0.33)
  rubycritic (~> 1.4)
  selenium-webdriver (~> 2.46)
  shoulda-matchers (~> 2.8)
  simplecov (~> 0.10)
  simplecov-html (~> 0.10)
  simplecov-rcov (~> 0.2.3)
  teaspoon-jasmine (~> 2.2)
  traceroute (~> 0.5)
  uglifier (~> 2.7)
  user-choices (~> 1.1)
  webmock (~> 1.21)
  with_retries (~> 0.0)
  yard (~> 0.8)

BUNDLED WITH
   1.10.6
